GEM
  remote: http://rubygems.org/
  specs:
    abstract (1.0.0)
    actionmailer (3.0.10)
      actionpack (= 3.0.10)
      mail (~> 2.2.19)
    actionpack (3.0.10)
      activemodel (= 3.0.10)
      activesupport (= 3.0.10)
      builder (~> 2.1.2)
      erubis (~> 2.6.6)
      i18n (~> 0.5.0)
      rack (~> 1.2.1)
      rack-mount (~> 0.6.14)
      rack-test (~> 0.5.7)
      tzinfo (~> 0.3.23)
    activemodel (3.0.10)
      activesupport (= 3.0.10)
      builder (~> 2.1.2)
      i18n (~> 0.5.0)
    activerecord (3.0.10)
      activemodel (= 3.0.10)
      activesupport (= 3.0.10)
      arel (~> 2.0.10)
      tzinfo (~> 0.3.23)
    activerecord-postgis-adapter (0.4.0)
      pg (>= 0.11.0)
      rgeo-activerecord (~> 0.4.0)
    activeresource (3.0.10)
      activemodel (= 3.0.10)
      activesupport (= 3.0.10)
    activesupport (3.0.10)
    addressable (2.2.6)
    alias (0.2.2)
    archive-tar-minitar (0.5.2)
    arel (2.0.10)
    awesome_print (0.4.0)
    bcrypt-ruby (3.0.1)
    boson (0.3.4)
      alias (>= 0.2.2)
      hirb (>= 0.5.0)
    builder (2.1.2)
    bullet (2.0.1)
      uniform_notifier (~> 1.0.0)
    capistrano (2.9.0)
      highline
      net-scp (>= 1.0.0)
      net-sftp (>= 2.0.0)
      net-ssh (>= 2.0.14)
      net-ssh-gateway (>= 1.1.0)
    capistrano-ext (1.2.1)
      capistrano (>= 1.0.0)
    capybara (1.0.1)
      mime-types (>= 1.16)
      nokogiri (>= 1.3.3)
      rack (>= 1.0.0)
      rack-test (>= 0.5.4)
      selenium-webdriver (~> 2.0)
      xpath (~> 0.1.4)
    carrierwave (0.5.7)
      activesupport (~> 3.0)
    childprocess (0.2.2)
      ffi (~> 1.0.6)
    chronic (0.6.4)
    chunky_png (1.2.5)
    clipboard (0.9.9)
    coderay (0.9.8)
    colored (1.2)
    columnize (0.3.4)
    compass (0.11.5)
      chunky_png (~> 1.2)
      fssm (>= 0.2.7)
      sass (~> 3.1)
    delorean (1.1.0)
      chronic
    devise (1.4.7)
      bcrypt-ruby (~> 3.0)
      orm_adapter (~> 0.0.3)
      warden (~> 1.0.3)
    diff-lcs (1.1.3)
    erubis (2.6.6)
      abstract (>= 1.0.0)
    escape_utils (0.2.4)
    every_day_irb (1.0.6)
    fancy_irb (0.7.1)
      paint (>= 0.8.1)
      unicode-display_width (>= 0.1.1)
    faraday (0.6.1)
      addressable (~> 2.2.4)
      multipart-post (~> 1.1.0)
      rack (>= 1.1.0, < 2)
    ffaker (1.8.1)
    ffi (1.0.9)
    fssm (0.2.7)
    g (1.4.0)
      ruby-growl (>= 1.0.1)
    geocoder (1.0.4)
    highline (1.6.2)
    hirb (0.5.0)
    i18n (0.5.0)
    interactive_editor (0.0.10)
      spoon (>= 0.0.1)
    irbtools (1.0.6)
      awesome_print (~> 0.4.0)
      boson (>= 0.3.4)
      clipboard (>= 0.9.9)
      coderay (~> 0.9)
      every_day_irb (>= 1.0.6)
      fancy_irb (>= 0.7.0)
      g
      hirb (~> 0.5.0)
      interactive_editor (>= 0.0.8)
      methodfinder (>= 1.2.3)
      ori (~> 0.1.0)
      paint (>= 0.8.3)
      rvm_loader (>= 1.0.0)
      sketches
      wirb (>= 0.4.1)
      zucker (>= 11)
    json (1.5.3)
    json_pure (1.6.1)
    kaminari (0.12.4)
      rails (>= 3.0.0)
    launchy (2.0.5)
      addressable (~> 2.2.6)
    linecache19 (0.5.12)
      ruby_core_source (>= 0.1.4)
    mail (2.2.19)
      activesupport (>= 2.3.6)
      i18n (>= 0.4.0)
      mime-types (~> 1.16)
      treetop (~> 1.4.8)
    methodfinder (1.2.3)
    mime-types (1.16)
    mini_magick (3.3)
      subexec (~> 0.1.0)
    multi_json (1.0.3)
    multi_xml (0.2.2)
    multipart-post (1.1.3)
    net-scp (1.0.4)
      net-ssh (>= 1.99.1)
    net-sftp (2.0.5)
      net-ssh (>= 2.0.9)
    net-ssh (2.2.1)
    net-ssh-gateway (1.1.0)
      net-ssh (>= 1.99.1)
    newrelic_rpm (3.2.0)
    nokogiri (1.5.0)
    oa-core (0.2.6)
    oa-oauth (0.2.6)
      faraday (~> 0.6.1)
      multi_json (~> 1.0.0)
      multi_xml (~> 0.2.2)
      oa-core (= 0.2.6)
      oauth (~> 0.4.0)
      oauth2 (~> 0.4.1)
    oauth (0.4.5)
    oauth2 (0.4.1)
      faraday (~> 0.6.1)
      multi_json (>= 0.0.5)
    ori (0.1.0)
    orm_adapter (0.0.5)
    paint (0.8.3)
    pg (0.11.0)
    pg_search (0.3.1)
      activerecord (>= 3)
      activesupport (>= 3)
    polyglot (0.3.2)
    rack (1.2.4)
    rack-mount (0.6.14)
      rack (>= 1.0.0)
    rack-test (0.5.7)
      rack (>= 1.0)
    railroady (1.0.2)
    rails (3.0.10)
      actionmailer (= 3.0.10)
      actionpack (= 3.0.10)
      activerecord (= 3.0.10)
      activeresource (= 3.0.10)
      activesupport (= 3.0.10)
      bundler (~> 1.0)
      railties (= 3.0.10)
    rails-footnotes (3.7.5)
      rails (>= 3.0.0)
    railties (3.0.10)
      actionpack (= 3.0.10)
      activesupport (= 3.0.10)
      rake (>= 0.8.7)
      rdoc (~> 3.4)
      thor (~> 0.14.4)
    rake (0.9.2)
    rdoc (3.11)
      json (~> 1.4)
    rgeo (0.3.2)
    rgeo-activerecord (0.4.0)
      activerecord (>= 3.0.3)
      arel (>= 2.0.6)
      rgeo (>= 0.3.2)
    rspec (2.6.0)
      rspec-core (~> 2.6.0)
      rspec-expectations (~> 2.6.0)
      rspec-mocks (~> 2.6.0)
    rspec-core (2.6.4)
    rspec-expectations (2.6.0)
      diff-lcs (~> 1.1.2)
    rspec-mocks (2.6.0)
    rspec-rails (2.6.1)
      actionpack (~> 3.0)
      activesupport (~> 3.0)
      railties (~> 3.0)
      rspec (~> 2.6.0)
    ruby-debug-base19 (0.11.25)
      columnize (>= 0.3.1)
      linecache19 (>= 0.5.11)
      ruby_core_source (>= 0.1.4)
    ruby-debug19 (0.11.6)
      columnize (>= 0.3.1)
      linecache19 (>= 0.5.11)
      ruby-debug-base19 (>= 0.11.19)
    ruby-growl (3.0)
    ruby-prof (0.10.8)
    ruby_core_source (0.1.5)
      archive-tar-minitar (>= 0.5.2)
    rubyzip (0.9.4)
    rvm_loader (1.0.0)
    sass (3.1.7)
    selenium-webdriver (2.7.0)
      childprocess (>= 0.2.1)
      ffi (>= 1.0.7)
      json_pure
      rubyzip
    sketches (0.1.1)
    spoon (0.0.1)
    spork (0.8.5)
    subexec (0.1.0)
    thor (0.14.6)
    treetop (1.4.10)
      polyglot
      polyglot (>= 0.3.1)
    tzinfo (0.3.30)
    unicode-display_width (0.1.1)
    uniform_notifier (1.0.1)
    warden (1.0.5)
      rack (>= 1.0)
    wirb (0.4.1)
    xpath (0.1.4)
      nokogiri (~> 1.3)
    zucker (11)

PLATFORMS
  ruby

DEPENDENCIES
  activerecord-postgis-adapter
  bullet
  capistrano
  capistrano-ext
  capybara (~> 1.0.1)
  carrierwave (~> 0.5.7)
  colored (~> 1.2)
  compass
  delorean
  devise (~> 1.4.7)
  escape_utils
  ffaker (= 1.8.1)
  geocoder (~> 1.0.4)
  irbtools
  json (= 1.5.3)
  kaminari (~> 0.12.4)
  launchy
  mini_magick (~> 3.3)
  newrelic_rpm
  oa-oauth (= 0.2.6)
  pg (= 0.11.0)
  pg_search (~> 0.3.1)
  railroady
  rails (~> 3.0.10)
  rails-footnotes (>= 3.7.5.rc4)
  rspec-rails (~> 2.6)
  ruby-debug19
  ruby-prof
  sass (~> 3.1.7)
  selenium-webdriver (= 2.7.0)
  spork
