GEM
  remote: http://rubygems.org/
  specs:
    abstract (1.0.0)
    actionmailer (3.0.10)
      actionpack (= 3.0.10)
      mail (~> 2.2.19)
    actionpack (3.0.10)
      activemodel (= 3.0.10)
      activesupport (= 3.0.10)
      builder (~> 2.1.2)
      erubis (~> 2.6.6)
      i18n (~> 0.5.0)
      rack (~> 1.2.1)
      rack-mount (~> 0.6.14)
      rack-test (~> 0.5.7)
      tzinfo (~> 0.3.23)
    activemodel (3.0.10)
      activesupport (= 3.0.10)
      builder (~> 2.1.2)
      i18n (~> 0.5.0)
    activerecord (3.0.10)
      activemodel (= 3.0.10)
      activesupport (= 3.0.10)
      arel (~> 2.0.10)
      tzinfo (~> 0.3.23)
    activeresource (3.0.10)
      activemodel (= 3.0.10)
      activesupport (= 3.0.10)
    activesupport (3.0.10)
    addressable (2.2.6)
    agent_orange (0.1.3)
    alias (0.2.2)
    archive-tar-minitar (0.5.2)
    arel (2.0.10)
    awesome_print (1.0.2)
    bcrypt-ruby (3.0.1)
    boson (0.3.4)
      alias (>= 0.2.2)
      hirb (>= 0.5.0)
    builder (2.1.2)
    capistrano (2.9.0)
      highline
      net-scp (>= 1.0.0)
      net-sftp (>= 2.0.0)
      net-ssh (>= 2.0.14)
      net-ssh-gateway (>= 1.1.0)
    capistrano-ext (1.2.1)
      capistrano (>= 1.0.0)
    capybara (1.0.1)
      mime-types (>= 1.16)
      nokogiri (>= 1.3.3)
      rack (>= 1.0.0)
      rack-test (>= 0.5.4)
      selenium-webdriver (~> 2.0)
      xpath (~> 0.1.4)
    carrierwave (0.5.7)
      activesupport (~> 3.0)
    childprocess (0.2.9)
      ffi (~> 1.0.6)
    chronic (0.6.6)
    chunky_png (1.2.5)
    clipboard (1.0.0)
    coderay (1.0.5)
    colored (1.2)
    columnize (0.3.6)
    compass (0.11.7)
      chunky_png (~> 1.2)
      fssm (>= 0.2.7)
      sass (~> 3.1)
    curb (0.7.17)
    delorean (1.2.0)
      chronic
    devise (1.4.7)
      bcrypt-ruby (~> 3.0)
      orm_adapter (~> 0.0.3)
      warden (~> 1.0.3)
    diff-lcs (1.1.3)
    erubis (2.6.6)
      abstract (>= 1.0.0)
    escape_utils (0.2.4)
    every_day_irb (1.2.0)
    fancy_irb (0.7.2)
      paint (>= 0.8.1)
      unicode-display_width (>= 0.1.1)
    faraday (0.7.5)
      addressable (~> 2.2.6)
      multipart-post (~> 1.1.3)
      rack (>= 1.1.0, < 2)
    faraday_middleware (0.7.0)
      faraday (~> 0.7.3)
    feedzirra (0.1.1)
      activesupport (>= 3.0.8)
      builder (~> 2.1.2)
      curb (~> 0.7.15)
      i18n (>= 0.5.0)
      loofah (~> 1.2.0)
      nokogiri (~> 1.4.4)
      rake (>= 0.9.2)
      rdoc (~> 3.8)
      sax-machine (~> 0.1.0)
    ffaker (1.8.1)
    ffi (1.0.11)
    friendly_id (4.0.0)
    fssm (0.2.8.1)
    g (1.6.0)
      ruby_gntp
    hashie (1.1.0)
    highline (1.6.9)
    hirb (0.6.0)
    i18n (0.5.0)
    i18n_routing (0.5.0)
      i18n (> 0.3.5)
    interactive_editor (0.0.10)
      spoon (>= 0.0.1)
    irbtools (1.2.0)
      awesome_print (~> 1.0.2)
      boson (>= 0.3.4)
      clipboard (~> 1.0.0)
      coderay (~> 1.0.5)
      every_day_irb (>= 1.2.0)
      fancy_irb (>= 0.7.2)
      g (>= 1.5.0)
      hirb (~> 0.6.0)
      interactive_editor (>= 0.0.10)
      method_locator (>= 0.0.4)
      method_source (>= 0.7.0)
      methodfinder (>= 1.2.5)
      ori (~> 0.1.0)
      paint (>= 0.8.4)
      sketches (>= 0.1.1)
      wirb (>= 0.4.1)
      zucker (>= 11)
    json (1.6.1)
    json_pure (1.6.4)
    kaminari (0.12.4)
      rails (>= 3.0.0)
    kss (0.1.3)
      sass (>= 3.1)
    launchy (2.0.5)
      addressable (~> 2.2.6)
    linecache19 (0.5.12)
      ruby_core_source (>= 0.1.4)
    loofah (1.2.0)
      nokogiri (>= 1.4.4)
    mail (2.2.19)
      activesupport (>= 2.3.6)
      i18n (>= 0.4.0)
      mime-types (~> 1.16)
      treetop (~> 1.4.8)
    method_locator (0.0.4)
    method_source (0.7.0)
    methodfinder (1.2.5)
    mime-types (1.17.2)
    mini_fb (1.1.7)
      hashie
      rest-client
    mini_magick (3.3)
      subexec (~> 0.1.0)
    multi_json (1.0.3)
    multi_xml (0.4.1)
    multipart-post (1.1.4)
    net-scp (1.0.4)
      net-ssh (>= 1.99.1)
    net-sftp (2.0.5)
      net-ssh (>= 2.0.9)
    net-ssh (2.3.0)
    net-ssh-gateway (1.1.0)
      net-ssh (>= 1.99.1)
    nokogiri (1.4.7)
    oa-core (0.3.2)
    oa-oauth (0.3.2)
      faraday (~> 0.7.3)
      multi_json (~> 1.0.0)
      multi_xml (~> 0.4.0)
      oa-core (= 0.3.2)
      oauth (~> 0.4.0)
      oauth2 (~> 0.5.0)
    oauth (0.4.5)
    oauth2 (0.5.2)
      faraday (~> 0.7)
      multi_json (~> 1.0)
    ori (0.1.0)
    orm_adapter (0.0.6)
    paint (0.8.4)
    pg (0.11.0)
    pg_search (0.3.1)
      activerecord (>= 3)
      activesupport (>= 3)
    polyglot (0.3.3)
    rack (1.2.5)
    rack-mount (0.6.14)
      rack (>= 1.0.0)
    rack-test (0.5.7)
      rack (>= 1.0)
    railroady (1.0.2)
    rails (3.0.10)
      actionmailer (= 3.0.10)
      actionpack (= 3.0.10)
      activerecord (= 3.0.10)
      activeresource (= 3.0.10)
      activesupport (= 3.0.10)
      bundler (~> 1.0)
      railties (= 3.0.10)
    railties (3.0.10)
      actionpack (= 3.0.10)
      activesupport (= 3.0.10)
      rake (>= 0.8.7)
      rdoc (~> 3.4)
      thor (~> 0.14.4)
    rake (0.9.2)
    rdoc (3.11)
      json (~> 1.4)
    rest-client (1.6.7)
      mime-types (>= 1.16)
    ri_cal (0.8.8)
    rspec (2.8.0)
      rspec-core (~> 2.8.0)
      rspec-expectations (~> 2.8.0)
      rspec-mocks (~> 2.8.0)
    rspec-core (2.8.0)
    rspec-expectations (2.8.0)
      diff-lcs (~> 1.1.2)
    rspec-mocks (2.8.0)
    rspec-rails (2.8.1)
      actionpack (>= 3.0)
      activesupport (>= 3.0)
      railties (>= 3.0)
      rspec (~> 2.8.0)
    ruby-debug-base19 (0.11.25)
      columnize (>= 0.3.1)
      linecache19 (>= 0.5.11)
      ruby_core_source (>= 0.1.4)
    ruby-debug19 (0.11.6)
      columnize (>= 0.3.1)
      linecache19 (>= 0.5.11)
      ruby-debug-base19 (>= 0.11.19)
    ruby_core_source (0.1.5)
      archive-tar-minitar (>= 0.5.2)
    ruby_gntp (0.3.4)
    rubyzip (0.9.5)
    sass (3.1.7)
    sax-machine (0.1.0)
      nokogiri (> 0.0.0)
    selenium-webdriver (2.7.0)
      childprocess (>= 0.2.1)
      ffi (>= 1.0.7)
      json_pure
      rubyzip
    simple_oauth (0.1.5)
    sketches (0.1.1)
    spoon (0.0.1)
    spork (0.8.5)
    subexec (0.1.0)
    thor (0.14.6)
    tilt (1.3.3)
    translate-rails3 (0.2.0)
      ya2yaml (~> 0.30)
    treetop (1.4.10)
      polyglot
      polyglot (>= 0.3.1)
    twitter (1.7.2)
      faraday (~> 0.7.4)
      faraday_middleware (~> 0.7.0)
      hashie (~> 1.1.0)
      multi_json (~> 1.0.0)
      multi_xml (~> 0.4.0)
      simple_oauth (~> 0.1.5)
    tzinfo (0.3.31)
    unicode-display_width (0.1.1)
    warden (1.0.6)
      rack (>= 1.0)
    wirb (0.4.1)
    xpath (0.1.4)
      nokogiri (~> 1.3)
    ya2yaml (0.30)
    zucker (11)

PLATFORMS
  ruby

DEPENDENCIES
  agent_orange (= 0.1.3)
  capistrano
  capistrano-ext
  capybara (~> 1.0.1)
  carrierwave (= 0.5.7)
  colored (~> 1.2)
  compass
  delorean
  devise (= 1.4.7)
  escape_utils
  feedzirra (= 0.1.1)
  ffaker (= 1.8.1)
  friendly_id (= 4.0.0)
  i18n_routing (= 0.5.0)
  irbtools
  json (= 1.6.1)
  kaminari (= 0.12.4)
  kss
  launchy
  mini_fb (= 1.1.7)
  mini_magick (= 3.3)
  multi_json (= 1.0.3)
  oa-oauth (= 0.3.2)
  pg (= 0.11.0)
  pg_search (= 0.3.1)
  railroady
  rails (= 3.0.10)
  rake (= 0.9.2)
  rdoc (= 3.11)
  ri_cal (= 0.8.8)
  rspec-rails (~> 2.6)
  ruby-debug19
  sass (= 3.1.7)
  selenium-webdriver (= 2.7.0)
  spork
  tilt
  translate-rails3
  twitter (= 1.7.2)
