GEM
  remote: http://rubygems.org/
  specs:
    abstract (1.0.0)
    actionmailer (3.0.9)
      actionpack (= 3.0.9)
      mail (~> 2.2.19)
    actionpack (3.0.9)
      activemodel (= 3.0.9)
      activesupport (= 3.0.9)
      builder (~> 2.1.2)
      erubis (~> 2.6.6)
      i18n (~> 0.5.0)
      rack (~> 1.2.1)
      rack-mount (~> 0.6.14)
      rack-test (~> 0.5.7)
      tzinfo (~> 0.3.23)
    activemodel (3.0.9)
      activesupport (= 3.0.9)
      builder (~> 2.1.2)
      i18n (~> 0.5.0)
    activerecord (3.0.9)
      activemodel (= 3.0.9)
      activesupport (= 3.0.9)
      arel (~> 2.0.10)
      tzinfo (~> 0.3.23)
    activerecord-postgis-adapter (0.3.5)
      pg (>= 0.10.0)
      rgeo-activerecord (~> 0.3.3)
    activeresource (3.0.9)
      activemodel (= 3.0.9)
      activesupport (= 3.0.9)
    activesupport (3.0.9)
    alias (0.2.2)
    archive-tar-minitar (0.5.2)
    arel (2.0.10)
    awesome_print (0.4.0)
    bcrypt-ruby (2.1.4)
    boson (0.3.3)
      alias (>= 0.2.2)
      hirb (>= 0.3.5)
    builder (2.1.2)
    capistrano (2.6.0)
      highline
      net-scp (>= 1.0.0)
      net-sftp (>= 2.0.0)
      net-ssh (>= 2.0.14)
      net-ssh-gateway (>= 1.1.0)
    capistrano-ext (1.2.1)
      capistrano (>= 1.0.0)
    capybara (1.0.0)
      mime-types (>= 1.16)
      nokogiri (>= 1.3.3)
      rack (>= 1.0.0)
      rack-test (>= 0.5.4)
      selenium-webdriver (~> 0.2.0)
      xpath (~> 0.1.4)
    carrierwave (0.5.5)
      activesupport (~> 3.0)
    childprocess (0.1.9)
      ffi (~> 1.0.6)
    chronic (0.5.0)
    clipboard (0.9.9)
    coderay (0.9.8)
    colored (1.2)
    columnize (0.3.4)
    configuration (1.3.1)
    database_cleaner (0.6.7)
    delorean (1.1.0)
      chronic
    devise (1.4.2)
      bcrypt-ruby (~> 2.1.2)
      orm_adapter (~> 0.0.3)
      warden (~> 1.0.3)
    diff-lcs (1.1.2)
    erubis (2.6.6)
      abstract (>= 1.0.0)
    escape_utils (0.2.3)
    every_day_irb (1.0.4)
    fancy_irb (0.6.5)
      unicode-display_width (>= 0.1.1)
      wirb (>= 0.2.4)
    ffi (1.0.9)
    g (1.4.0)
      ruby-growl (>= 1.0.1)
    geocoder (1.0.2)
    highline (1.6.2)
    hirb (0.4.5)
    i18n (0.5.0)
    interactive_editor (0.0.8)
      spoon (>= 0.0.1)
    irbtools (1.0.4)
      awesome_print (~> 0.4.0)
      boson (>= 0.3.3)
      clipboard (>= 0.9.8)
      coderay (~> 0.9)
      every_day_irb (>= 1.0.4)
      fancy_irb (>= 0.6.5)
      g
      hirb (~> 0.4.5)
      interactive_editor (>= 0.0.8)
      methodfinder (>= 1.2.3)
      ori (~> 0.1.0)
      rvm_loader (>= 1.0.0)
      sketches
      wirb (>= 0.3.0)
      zucker (>= 11)
    json_pure (1.5.3)
    kaminari (0.12.4)
      rails (>= 3.0.0)
    launchy (0.4.0)
      configuration (>= 0.0.5)
      rake (>= 0.8.1)
    linecache19 (0.5.12)
      ruby_core_source (>= 0.1.4)
    mail (2.2.19)
      activesupport (>= 2.3.6)
      i18n (>= 0.4.0)
      mime-types (~> 1.16)
      treetop (~> 1.4.8)
    methodfinder (1.2.3)
    mime-types (1.16)
    mini_magick (3.3)
      subexec (~> 0.1.0)
    net-scp (1.0.4)
      net-ssh (>= 1.99.1)
    net-sftp (2.0.5)
      net-ssh (>= 2.0.9)
    net-ssh (2.1.4)
    net-ssh-gateway (1.1.0)
      net-ssh (>= 1.99.1)
    nokogiri (1.5.0)
    ori (0.1.0)
    orm_adapter (0.0.5)
    pg (0.11.0)
    polyglot (0.3.1)
    rack (1.2.3)
    rack-mount (0.6.14)
      rack (>= 1.0.0)
    rack-test (0.5.7)
      rack (>= 1.0)
    railroady (1.0.2)
    rails (3.0.9)
      actionmailer (= 3.0.9)
      actionpack (= 3.0.9)
      activerecord (= 3.0.9)
      activeresource (= 3.0.9)
      activesupport (= 3.0.9)
      bundler (~> 1.0)
      railties (= 3.0.9)
    railties (3.0.9)
      actionpack (= 3.0.9)
      activesupport (= 3.0.9)
      rake (>= 0.8.7)
      rdoc (~> 3.4)
      thor (~> 0.14.4)
    rake (0.9.2)
    rdoc (3.8)
    rgeo (0.3.1)
    rgeo-activerecord (0.3.4)
      activerecord (>= 3.0.3)
      arel (>= 2.0.6)
      rgeo (>= 0.3.0)
    rspec (2.6.0)
      rspec-core (~> 2.6.0)
      rspec-expectations (~> 2.6.0)
      rspec-mocks (~> 2.6.0)
    rspec-core (2.6.4)
    rspec-expectations (2.6.0)
      diff-lcs (~> 1.1.2)
    rspec-mocks (2.6.0)
    rspec-rails (2.6.1)
      actionpack (~> 3.0)
      activesupport (~> 3.0)
      railties (~> 3.0)
      rspec (~> 2.6.0)
    ruby-debug-base19 (0.11.25)
      columnize (>= 0.3.1)
      linecache19 (>= 0.5.11)
      ruby_core_source (>= 0.1.4)
    ruby-debug19 (0.11.6)
      columnize (>= 0.3.1)
      linecache19 (>= 0.5.11)
      ruby-debug-base19 (>= 0.11.19)
    ruby-growl (3.0)
    ruby_core_source (0.1.5)
      archive-tar-minitar (>= 0.5.2)
    rubyzip (0.9.4)
    rvm_loader (1.0.0)
    sass (3.1.4)
    selenium-webdriver (0.2.2)
      childprocess (>= 0.1.9)
      ffi (>= 1.0.7)
      json_pure
      rubyzip
    sketches (0.1.1)
    spoon (0.0.1)
    subexec (0.1.0)
    thor (0.14.6)
    treetop (1.4.9)
      polyglot (>= 0.3.1)
    tzinfo (0.3.29)
    unicode-display_width (0.1.1)
    warden (1.0.4)
      rack (>= 1.0)
    wirb (0.3.2)
    xpath (0.1.4)
      nokogiri (~> 1.3)
    zucker (11)

PLATFORMS
  ruby

DEPENDENCIES
  activerecord-postgis-adapter (~> 0.3.5)
  capistrano
  capistrano-ext
  capybara (~> 1.0.0)
  carrierwave (~> 0.5.5)
  colored (~> 1.2)
  database_cleaner (~> 0.6.7)
  delorean
  devise (~> 1.4.2)
  escape_utils
  geocoder (~> 1.0.2)
  irbtools
  kaminari (~> 0.12.4)
  launchy
  mini_magick (~> 3.3)
  pg (= 0.11.0)
  railroady
  rails (= 3.0.9)
  rspec-rails (~> 2.6)
  ruby-debug19
  sass (~> 3.1.3)
