PATH
  remote: .
  specs:
    uniform_notifier (1.0.1)

GEM
  remote: http://rubygems.org/
  specs:
    diff-lcs (1.1.2)
    rspec (2.3.0)
      rspec-core (~> 2.3.0)
      rspec-expectations (~> 2.3.0)
      rspec-mocks (~> 2.3.0)
    rspec-core (2.3.0)
    rspec-expectations (2.3.0)
      diff-lcs (~> 1.1.2)
    rspec-mocks (2.3.0)
    ruby-growl (3.0)
    xmpp4r (0.5)

PLATFORMS
  ruby

DEPENDENCIES
  rspec (= 2.3.0)
  ruby-growl (= 3.0)
  uniform_notifier!
  xmpp4r (= 0.5)
